GIT
  remote: https://github.com/fugroup/futest.git
  revision: db90f492ec4ddba950704a651745da2dddbebf71
  specs:
    futest (0.0.2)

GEM
  remote: https://rubygems.org/
  specs:
    activesupport (5.0.0.1)
      concurrent-ruby (~> 1.0, >= 1.0.2)
      i18n (~> 0.7)
      minitest (~> 5.1)
      tzinfo (~> 1.1)
    bson (4.2.0)
    bson_ext (1.5.1)
    concurrent-ruby (1.0.2)
    ffi (1.9.14)
    i18n (0.7.0)
    listen (3.1.5)
      rb-fsevent (~> 0.9, >= 0.9.4)
      rb-inotify (~> 0.9, >= 0.9.7)
      ruby_dep (~> 1.2)
    minitest (5.10.1)
    mongo (2.4.0)
      bson (~> 4.2.0)
    rb-fsevent (0.9.8)
    rb-inotify (0.9.7)
      ffi (>= 0.5.0)
    request_store (1.3.1)
    rerun (0.11.0)
      listen (~> 3.0)
    ruby_dep (1.5.0)
    terminal-notifier (1.7.1)
    thread_safe (0.3.5)
    tzinfo (1.2.2)
      thread_safe (~> 0.1)

PLATFORMS
  ruby

DEPENDENCIES
  activesupport
  bson_ext
  futest!
  mongo (~> 2.2)
  rb-fsevent
  request_store
  rerun
  terminal-notifier

BUNDLED WITH
   1.12.5
