GIT
  remote: https://github.com/fugroup/futest.git
  revision: 0dfe41630d395f2286127fbfb4a0d13aea553bd6
  specs:
    futest (0.0.4)
      rest-client (>= 2.0)

GEM
  remote: https://rubygems.org/
  specs:
    activesupport (5.0.1)
      concurrent-ruby (~> 1.0, >= 1.0.2)
      i18n (~> 0.7)
      minitest (~> 5.1)
      tzinfo (~> 1.1)
    bson (4.2.1)
    bson_ext (1.5.1)
    concurrent-ruby (1.0.4)
    domain_name (0.5.20161129)
      unf (>= 0.0.5, < 1.0.0)
    ffi (1.9.14)
    http-cookie (1.0.3)
      domain_name (~> 0.5)
    i18n (0.7.0)
    listen (3.1.5)
      rb-fsevent (~> 0.9, >= 0.9.4)
      rb-inotify (~> 0.9, >= 0.9.7)
      ruby_dep (~> 1.2)
    mime-types (3.1)
      mime-types-data (~> 3.2015)
    mime-types-data (3.2016.0521)
    minitest (5.10.1)
    mongo (2.4.1)
      bson (>= 4.2.1, < 5.0.0)
    netrc (0.11.0)
    rb-fsevent (0.9.8)
    rb-inotify (0.9.7)
      ffi (>= 0.5.0)
    request_store (1.3.1)
    rerun (0.11.0)
      listen (~> 3.0)
    rest-client (2.0.0)
      http-cookie (>= 1.0.2, < 2.0)
      mime-types (>= 1.16, < 4.0)
      netrc (~> 0.8)
    ruby_dep (1.5.0)
    terminal-notifier (1.7.1)
    thread_safe (0.3.5)
    tzinfo (1.2.2)
      thread_safe (~> 0.1)
    unf (0.1.4)
      unf_ext
    unf_ext (0.0.7.2)

PLATFORMS
  ruby

DEPENDENCIES
  activesupport
  bson_ext
  futest!
  mongo (~> 2.2)
  rb-fsevent
  request_store
  rerun
  terminal-notifier

BUNDLED WITH
   1.13.7
